GEM
  remote: http://rubygems.org/
  specs:
    console (0.5)
    daemons (1.1.9)
    eventmachine (1.0.0)
    excon (0.16.10)
    hashie (1.2.0)
    heroku-api (0.3.7)
      excon (~> 0.16.10)
    httmultiparty (0.3.8)
      httparty (>= 0.7.3)
      multipart-post
    httparty (0.9.0)
      multi_json (~> 1.0)
      multi_xml
    i18n (0.6.1)
    mail (2.4.4)
      i18n (>= 0.4.0)
      mime-types (~> 1.16)
      treetop (~> 1.4.8)
    mime-types (1.19)
    multi_json (1.3.6)
    multi_xml (0.5.1)
    multipart-post (1.1.5)
    mustache (0.99.4)
    navvy-sequelhooks (0.3.3)
    pg (0.14.1)
    polyglot (0.3.3)
    pony (1.4)
      mail (> 2.0)
    rack (1.4.1)
    rack-protection (1.2.0)
      rack
    rake (0.9.2.2)
    sequel (3.40.0)
    shotgun (0.9)
      rack (>= 1.0)
    sinatra (1.3.3)
      rack (~> 1.3, >= 1.3.6)
      rack-protection (~> 1.2)
      tilt (~> 1.3, >= 1.3.3)
    sinatra-session (1.0.0)
      sinatra (>= 1.0)
    sklaventreiber (0.0.1)
      heroku-api
      sequel
    soundcloud (0.3.0)
      hashie
      httmultiparty (>= 0.3)
      httparty (>= 0.7.3)
    thin (1.5.0)
      daemons (>= 1.0.9)
      eventmachine (>= 0.12.6)
      rack (>= 1.0.0)
    tilt (1.3.3)
    treetop (1.4.11)
      polyglot
      polyglot (>= 0.3.1)

PLATFORMS
  ruby

DEPENDENCIES
  console
  mustache
  navvy-sequelhooks
  pg
  pony
  rake
  sequel
  shotgun
  sinatra
  sinatra-session
  sklaventreiber
  soundcloud
  thin
